GEM
  remote: https://rubygems.org/
  specs:
    addressable (2.8.1)
      public_suffix (>= 2.0.2, < 6.0)
    axlsx (2.0.1)
      htmlentities (~> 4.3.1)
      nokogiri (>= 1.4.1)
      rubyzip (~> 1.0.0)
    domain_name (0.5.20190701)
      unf (>= 0.0.5, < 1.0.0)
    ffi (1.15.5)
    ffi-compiler (1.0.1)
      ffi (>= 1.0.0)
      rake
    harvesting (0.5.1)
      http (>= 3.3, < 5.0)
    htmlentities (4.3.4)
    http (4.4.1)
      addressable (~> 2.3)
      http-cookie (~> 1.0)
      http-form_data (~> 2.2)
      http-parser (~> 1.2.0)
    http-cookie (1.0.5)
      domain_name (~> 0.5)
    http-form_data (2.3.0)
    http-parser (1.2.3)
      ffi-compiler (>= 1.0, < 2.0)
    icalendar (2.8.0)
      ice_cube (~> 0.16)
    ice_cube (0.16.4)
    nokogiri (1.14.1-x86_64-darwin)
      racc (~> 1.4)
    public_suffix (5.0.1)
    racc (1.6.2)
    rake (13.0.6)
    rubyzip (1.0.0)
    unf (0.1.4)
      unf_ext
    unf_ext (0.0.8.2)

PLATFORMS
  x86_64-darwin-21

DEPENDENCIES
  axlsx
  harvesting
  icalendar

BUNDLED WITH
   2.3.13
